GEM
  remote: https://rubygems.org/
  specs:
    backports (3.6.7)
    bcrypt (3.1.10)
    coderay (1.1.0)
    gchartrb (0.8)
    haml (4.0.7)
      tilt
    method_source (0.8.2)
    multi_json (1.11.2)
    mysql2 (0.4.2)
    pry (0.10.3)
      coderay (~> 1.1.0)
      method_source (~> 0.8.1)
      slop (~> 3.4)
    rack (1.6.4)
    rack-protection (1.5.3)
      rack
    rack-test (0.6.3)
      rack (>= 1.0)
    sequel (4.29.0)
    sinatra (1.4.6)
      rack (~> 1.4)
      rack-protection (~> 1.4)
      tilt (>= 1.3, < 3)
    sinatra-contrib (1.4.6)
      backports (>= 2.0)
      multi_json
      rack-protection
      rack-test
      sinatra (~> 1.4.0)
      tilt (>= 1.3, < 3)
    sinatra_warden (1.0.0)
      sinatra (~> 1.4.6)
      warden (~> 1.2.3)
    slop (3.6.0)
    tilt (2.0.1)
    warden (1.2.3)
      rack (>= 1.0)
    yaml (4.2.2)

PLATFORMS
  ruby

DEPENDENCIES
  bcrypt
  gchartrb
  haml
  mysql2
  pry
  sequel
  sinatra
  sinatra-contrib
  sinatra_warden
  yaml

BUNDLED WITH
   1.10.6
